GEM
  remote: https://rubygems.org/
  specs:
    chronic_duration (0.9.6)
      numerizer (~> 0.1.1)
    numerizer (0.1.1)

PLATFORMS
  ruby

DEPENDENCIES
  chronic_duration (~> 0.9.6)
