GEM
  remote: https://rubygems.org/
  specs:
    chronic_duration (0.9.6)
      numerizer (~> 0.1.1)
    diff-lcs (1.1.3)
    macaddr (1.6.1)
      systemu (~> 2.5.0)
    numerizer (0.1.1)
    rspec (2.10.0)
      rspec-core (~> 2.10.0)
      rspec-expectations (~> 2.10.0)
      rspec-mocks (~> 2.10.0)
    rspec-core (2.10.1)
    rspec-expectations (2.10.0)
      diff-lcs (~> 1.1.3)
    rspec-mocks (2.10.1)
    ruby-growl (4.0)
      uuid (~> 2.3, >= 2.3.5)
    systemu (2.5.2)
    uuid (2.3.7)
      macaddr (~> 1.0)

PLATFORMS
  ruby

DEPENDENCIES
  chronic_duration (~> 0.9.6)
  rspec
  ruby-growl
